GEM
  remote: https://rubygems.org/
  specs:
    brewdler (0.5.0)
      commander
    commander (4.2.0)
      highline (~> 1.6.11)
    highline (1.6.21)

PLATFORMS
  ruby

DEPENDENCIES
  brewdler
